GIT
  remote: git://github.com/Forthlight/administration.git
  revision: dc346eb1caa5a13ae83522a2cedd80c592d53c70
  branch: dev
  specs:
    administration (0.0.1)
      kaminari (~> 0.15.1)
      mongoid (= 4.0.0.beta1)
      pg (= 0.17.1)
      rails (= 4.0.3)
      tinymce-rails

GIT
  remote: git://github.com/Forthlight/article.git
  revision: 5d5056592016134fe59adbc6ea065d914be5cff0
  branch: dev
  specs:
    article (0.0.1)
      elasticsearch-model
      elasticsearch-rails
      kaminari (~> 0.15.1)
      mongoid (= 4.0.0.beta1)
      pg (= 0.17.1)
      rails (= 4.0.3)
      tinymce-rails
      wicked (~> 1.0.2)

GIT
  remote: git://github.com/Forthlight/auth.git
  revision: c7186c2d8d9f88a61bae02bb9326d99d007bf97e
  branch: dev
  specs:
    auth (0.0.1)
      devise (= 3.2.4)
      pg (= 0.17.1)
      rails (= 4.0.3)

GIT
  remote: git://github.com/Forthlight/common_domain.git
  revision: 73ea0c3903bffcae9f3c264819c9f5648ed3bcc8
  branch: dev
  specs:
    common_domain (0.0.1)
      mongoid (= 4.0.0.beta1)
      nokogiri
      pg (= 0.17.1)
      rails (= 4.0.3)
      sanitize (~> 2.1.0)

GIT
  remote: git://github.com/Forthlight/member.git
  revision: b9c94d1c40b88aae07f0e75a658af989b03bb54d
  branch: dev
  specs:
    member (0.0.1)
      kaminari (~> 0.15.1)
      mongoid (= 4.0.0.beta1)
      pg (= 0.17.1)
      rails (= 4.0.3)
      simple_roles (= 0.0.12)
      tinymce-rails

GIT
  remote: git://github.com/flori/json.git
  revision: b93b23d87458bc1999ea9829926a097ff5b45213
  specs:
    json (1.8.1)

GIT
  remote: git://github.com/headius/thread_safe.git
  revision: 720e366ad13592664b3e196c2e36c1271e8f1e34
  specs:
    thread_safe (0.3.3)

GIT
  remote: git://github.com/seattlerb/minitest.git
  revision: db17ed9a57403eb914c96457db037b0b4056016f
  specs:
    minitest (4.7.5)

GEM
  remote: https://rubygems.org/
  specs:
    actionmailer (4.0.3)
      actionpack (= 4.0.3)
      mail (~> 2.5.4)
    actionpack (4.0.3)
      activesupport (= 4.0.3)
      builder (~> 3.1.0)
      erubis (~> 2.7.0)
      rack (~> 1.5.2)
      rack-test (~> 0.6.2)
    activemodel (4.0.3)
      activesupport (= 4.0.3)
      builder (~> 3.1.0)
    activerecord (4.0.3)
      activemodel (= 4.0.3)
      activerecord-deprecated_finders (~> 1.0.2)
      activesupport (= 4.0.3)
      arel (~> 4.0.0)
    activerecord-deprecated_finders (1.0.3)
    activesupport (4.0.3)
      i18n (~> 0.6, >= 0.6.4)
      minitest (~> 4.2)
      multi_json (~> 1.3)
      thread_safe (~> 0.1)
      tzinfo (~> 0.3.37)
    arel (4.0.2)
    ast (1.1.0)
    bcrypt (3.1.7)
    bson (2.2.2)
    builder (3.1.4)
    capistrano (3.2.0)
      i18n
      rake (>= 10.0.0)
      sshkit (~> 1.3)
    capistrano-bundler (1.1.2)
      capistrano (~> 3.0)
      sshkit (~> 1.2)
    capistrano-rails (1.1.1)
      capistrano (~> 3.1)
      capistrano-bundler (~> 1.1)
    connection_pool (2.0.0)
    database_cleaner (1.2.0)
    devise (3.2.4)
      bcrypt (~> 3.0)
      orm_adapter (~> 0.1)
      railties (>= 3.2.6, < 5)
      thread_safe (~> 0.1)
      warden (~> 1.2.3)
    diff-lcs (1.2.5)
    elasticsearch (1.0.1)
      elasticsearch-api (= 1.0.1)
      elasticsearch-transport (= 1.0.1)
    elasticsearch-api (1.0.1)
      multi_json
    elasticsearch-model (0.1.1)
      activesupport (> 3)
      elasticsearch (> 0.4)
      hashie
    elasticsearch-rails (0.1.1)
    elasticsearch-transport (1.0.1)
      faraday
      multi_json
    erubis (2.7.0)
    execjs (2.0.2)
    fabrication (2.9.6)
    faraday (0.9.0)
      multipart-post (>= 1.2, < 3)
    hashie (2.1.1)
    hike (1.2.3)
    i18n (0.6.9)
    jquery-rails (3.1.0)
      railties (>= 3.0, < 5.0)
      thor (>= 0.14, < 2.0)
    kaminari (0.15.1)
      actionpack (>= 3.0.0)
      activesupport (>= 3.0.0)
    libv8 (3.16.14.3)
    mail (2.5.4)
      mime-types (~> 1.16)
      treetop (~> 1.4.8)
    mime-types (1.25.1)
    mini_portile (0.5.3)
    mongoid (4.0.0.beta1)
      activemodel (>= 4.0.0)
      moped (~> 2.0.beta6)
      origin (~> 2.1)
      tzinfo (>= 0.3.37)
    moped (2.0.0.rc1)
      bson (~> 2.2)
      connection_pool (~> 2.0)
      optionable (~> 0.2.0)
    multi_json (1.9.2)
    multipart-post (2.0.0)
    net-scp (1.2.0)
      net-ssh (>= 2.6.5)
    net-ssh (2.8.0)
    nokogiri (1.6.1)
      mini_portile (~> 0.5.0)
    optionable (0.2.0)
    origin (2.1.1)
    orm_adapter (0.5.0)
    parser (2.1.8)
      ast (~> 1.1)
      slop (~> 3.4, >= 3.4.5)
    pg (0.17.1)
    polyglot (0.3.4)
    powerpack (0.0.9)
    rack (1.5.2)
    rack-test (0.6.2)
      rack (>= 1.0)
    rails (4.0.3)
      actionmailer (= 4.0.3)
      actionpack (= 4.0.3)
      activerecord (= 4.0.3)
      activesupport (= 4.0.3)
      bundler (>= 1.3.0, < 2.0)
      railties (= 4.0.3)
      sprockets-rails (~> 2.0.0)
    railties (4.0.3)
      actionpack (= 4.0.3)
      activesupport (= 4.0.3)
      rake (>= 0.8.7)
      thor (>= 0.18.1, < 2.0)
    rainbow (2.0.0)
    rake (10.3.0)
    rdoc (4.1.1)
      json (~> 1.4)
    ref (1.0.5)
    rspec-core (2.14.8)
    rspec-expectations (2.14.5)
      diff-lcs (>= 1.1.3, < 2.0)
    rspec-mocks (2.14.6)
    rspec-rails (2.14.1)
      actionpack (>= 3.0)
      activemodel (>= 3.0)
      activesupport (>= 3.0)
      railties (>= 3.0)
      rspec-core (~> 2.14.0)
      rspec-expectations (~> 2.14.0)
      rspec-mocks (~> 2.14.0)
    rubocop (0.20.1)
      json (>= 1.7.7, < 2)
      parser (~> 2.1.7)
      powerpack (~> 0.0.6)
      rainbow (>= 1.99.1, < 3.0)
      ruby-progressbar (~> 1.4)
    ruby-progressbar (1.4.2)
    rvm1-capistrano3 (1.2.2)
      capistrano (~> 3.0)
      sshkit (>= 1.2)
    sanitize (2.1.0)
      nokogiri (>= 1.4.4)
    sass (3.3.5)
    sass-rails (4.0.0)
      railties (>= 4.0.0.beta, < 5.0)
      sass (>= 3.1.10)
      sprockets-rails (~> 2.0.0)
    sdoc (0.4.0)
      json (~> 1.8)
      rdoc (~> 4.0, < 5.0)
    simple_roles (0.0.12)
      activerecord (>= 3.1.0)
    slop (3.5.0)
    spork (1.0.0rc4)
    spork-rails (4.0.0)
      rails (>= 3.0.0, < 5)
      spork (>= 1.0rc0)
    sprockets (2.12.0)
      hike (~> 1.2)
      multi_json (~> 1.0)
      rack (~> 1.0)
      tilt (~> 1.1, != 1.3.0)
    sprockets-rails (2.0.1)
      actionpack (>= 3.0)
      activesupport (>= 3.0)
      sprockets (~> 2.8)
    sshkit (1.4.0)
      net-scp (>= 1.1.2)
      net-ssh (>= 2.8.0)
      term-ansicolor
    term-ansicolor (1.3.0)
      tins (~> 1.0)
    therubyracer (0.12.1)
      libv8 (~> 3.16.14.0)
      ref
    thor (0.19.1)
    tilt (1.4.1)
    tins (1.1.0)
    tinymce-rails (4.0.19)
      railties (>= 3.1.1)
    treetop (1.4.15)
      polyglot
      polyglot (>= 0.3.1)
    tzinfo (0.3.39)
    uglifier (2.5.0)
      execjs (>= 0.3.0)
      json (>= 1.8.0)
    warden (1.2.3)
      rack (>= 1.0)
    wicked (1.0.2)
      rails (>= 3.0.7)

PLATFORMS
  ruby

DEPENDENCIES
  administration!
  article!
  auth!
  capistrano
  capistrano-bundler
  capistrano-rails
  common_domain!
  database_cleaner (= 1.2.0)
  elasticsearch-model
  elasticsearch-rails
  fabrication (= 2.9.6)
  jquery-rails (= 3.1.0)
  json!
  kaminari (~> 0.15.1)
  member!
  minitest (= 4.7.5)!
  mongoid (= 4.0.0.beta1)
  pg (= 0.17.1)
  rails (= 4.0.3)
  rspec-rails (= 2.14.1)
  rubocop
  rvm1-capistrano3
  sanitize (~> 2.1.0)
  sass-rails (= 4.0.0)
  sdoc
  spork-rails (~> 4.0.0)
  therubyracer
  thread_safe!
  uglifier (>= 1.3.0)
  wicked (~> 1.0.2)
